GEM
  remote: https://rubygems.org/
  specs:
    jekyll-sitemap (0.7.0)

PLATFORMS
  ruby

DEPENDENCIES
  jekyll-sitemap
