GEM
  remote: https://rubygems.org/
  specs:
    jekyll-sitemap (0.8.0)

PLATFORMS
  ruby

DEPENDENCIES
  jekyll-sitemap
